GEM
  remote: https://rubygems.org/
  specs:
    actionmailer (4.2.8)
      actionpack (= 4.2.8)
      actionview (= 4.2.8)
      activejob (= 4.2.8)
      mail (~> 2.5, >= 2.5.4)
      rails-dom-testing (~> 1.0, >= 1.0.5)
    actionpack (4.2.8)
      actionview (= 4.2.8)
      activesupport (= 4.2.8)
      rack (~> 1.6)
      rack-test (~> 0.6.2)
      rails-dom-testing (~> 1.0, >= 1.0.5)
      rails-html-sanitizer (~> 1.0, >= 1.0.2)
    actionview (4.2.8)
      activesupport (= 4.2.8)
      builder (~> 3.1)
      erubis (~> 2.7.0)
      rails-dom-testing (~> 1.0, >= 1.0.5)
      rails-html-sanitizer (~> 1.0, >= 1.0.3)
    activejob (4.2.8)
      activesupport (= 4.2.8)
      globalid (>= 0.3.0)
    activemodel (4.2.8)
      activesupport (= 4.2.8)
      builder (~> 3.1)
    activerecord (4.2.8)
      activemodel (= 4.2.8)
      activesupport (= 4.2.8)
      arel (~> 6.0)
    activesupport (4.2.8)
      i18n (~> 0.7)
      minitest (~> 5.1)
      thread_safe (~> 0.3, >= 0.3.4)
      tzinfo (~> 1.1)
    addressable (2.8.0)
      public_suffix (>= 2.0.2, < 5.0)
    arel (6.0.4)
    builder (3.2.3)
    coderay (1.1.2)
    concurrent-ruby (1.0.5)
    connection_pool (2.2.2)
    crass (1.0.6)
    diff-lcs (1.3)
    dotenv (2.5.0)
    dotenv-rails (2.5.0)
      dotenv (= 2.5.0)
      railties (>= 3.2, < 6.0)
    erubis (2.7.0)
    globalid (0.4.1)
      activesupport (>= 4.2.0)
    helpful_configuration (0.1.0)
    hyp_diff (0.0.5)
      diff-lcs (~> 1.2, >= 1.2.5)
      nokogiri (~> 1.6, >= 1.6.5)
    i18n (0.9.5)
      concurrent-ruby (~> 1.0)
    infopark_fiona7 (1.6.1.1.1)
      infopark_fiona_connector (= 7.0.1.beta2)
      infopark_reactor (>= 1.25.0)
      mini_magick
      rails (~> 4.2.2)
      scrivito (= 1.6.1)
      scrivito_editors
      scrivito_sdk
    infopark_fiona_connector (7.0.1.beta2)
      activerecord (> 0)
      helpful_configuration (~> 0.1.0)
      jquery-rails (~> 3.1.0)
      json (>= 1.8.1)
      maruku (~> 0.7.1)
      mime-types (~> 1.16)
      mysql_blob_streaming (~> 2.2.0)
      rails (~> 4.2)
      rake (>= 10.3.2)
      rsolr (~> 1.0.10)
    infopark_reactor (1.26.0)
      nokogiri
      rails (>= 3.0.10, < 4.3.0)
    jbuilder (2.7.0)
      activesupport (>= 4.2.0)
      multi_json (>= 1.2)
    jquery-rails (3.1.5)
      railties (>= 3.0, < 5.0)
      thor (>= 0.14, < 2.0)
    jquery-ui-rails (6.0.1)
      railties (>= 3.2.16)
    json (2.3.1)
    loofah (2.19.1)
      crass (~> 1.0.2)
      nokogiri (>= 1.5.9)
    mail (2.7.0)
      mini_mime (>= 0.1.1)
    maruku (0.7.3)
    memoist (0.16.0)
    method_source (0.9.0)
    mime-types (1.25.1)
    mini_magick (4.9.5)
    mini_mime (1.0.1)
    mini_portile2 (2.8.0)
    minitest (5.11.3)
    multi_json (1.13.1)
    multipart-post (2.0.0)
    mysql2 (0.3.21)
    mysql_blob_streaming (2.2.1)
      mysql2 (>= 0.3.16, < 0.4.0)
    nokogiri (1.13.10)
      mini_portile2 (~> 2.8.0)
      racc (~> 1.4)
    pry (0.11.3)
      coderay (~> 1.1.0)
      method_source (~> 0.9.0)
    public_suffix (4.0.6)
    racc (1.6.1)
    rack (1.6.12)
    rack-test (0.6.3)
      rack (>= 1.0)
    rails (4.2.8)
      actionmailer (= 4.2.8)
      actionpack (= 4.2.8)
      actionview (= 4.2.8)
      activejob (= 4.2.8)
      activemodel (= 4.2.8)
      activerecord (= 4.2.8)
      activesupport (= 4.2.8)
      bundler (>= 1.3.0, < 2.0)
      railties (= 4.2.8)
      sprockets-rails
    rails-deprecated_sanitizer (1.0.3)
      activesupport (>= 4.2.0.alpha)
    rails-dom-testing (1.0.9)
      activesupport (>= 4.2.0, < 5.0)
      nokogiri (~> 1.6)
      rails-deprecated_sanitizer (>= 1.0.1)
    rails-html-sanitizer (1.4.4)
      loofah (~> 2.19, >= 2.19.1)
    railties (4.2.8)
      actionpack (= 4.2.8)
      activesupport (= 4.2.8)
      rake (>= 0.8.7)
      thor (>= 0.18.1, < 2.0)
    rake (13.0.1)
    rsolr (1.0.13)
      builder (>= 2.1.2)
    scrivito (1.6.1)
      railties
      scrivito_content_browser (= 1.6.1)
      scrivito_editors (= 1.6.1)
      scrivito_sdk (= 1.6.1)
      scrivito_ui (= 1.6.1)
    scrivito_content_browser (1.6.1)
      railties
      scrivito_sdk (= 1.6.1)
    scrivito_editors (1.6.1)
      jquery-ui-rails (>= 5.0.0, < 7.0.0)
      railties
      scrivito_content_browser (= 1.6.1)
      scrivito_sdk (= 1.6.1)
    scrivito_sdk (1.6.1)
      addressable (~> 2.3)
      connection_pool (~> 2.2)
      diff-lcs (~> 1.2)
      hyp_diff (~> 0.0.4)
      jbuilder (~> 2.0)
      json (>= 1.7.7)
      memoist (>= 0.12.0)
      multipart-post (~> 2.0)
      nokogiri (~> 1.6)
      rails (~> 4.2.0)
      rake (>= 0.9.2.2)
    scrivito_ui (1.6.1)
      railties
    sprockets (3.7.2)
      concurrent-ruby (~> 1.0)
      rack (> 1, < 3)
    sprockets-rails (3.2.1)
      actionpack (>= 4.0)
      activesupport (>= 4.0)
      sprockets (>= 3.0.0)
    sqlite3 (1.3.13)
    thor (0.20.0)
    thread_safe (0.3.6)
    tzinfo (1.2.10)
      thread_safe (~> 0.1)

PLATFORMS
  ruby

DEPENDENCIES
  dotenv-rails
  infopark_fiona7 (= 1.6.1.1.1)
  jbuilder (~> 2.0)
  mysql2 (~> 0.3.16)
  mysql_blob_streaming
  pry
  rails (= 4.2.8)
  sqlite3

BUNDLED WITH
   1.16.5
